GIT
  remote: https://github.com/CloakedSystems/sinatra-websocket.git
  revision: c7ff8568da3b28cd7ad9028e621e5894c57fd0fe
  specs:
    sinatra-websocket (0.3.3)
      em-websocket (~> 0.5.1)
      eventmachine (~> 1.2.3)
      sinatra (>= 1.4.8)
      thin (>= 1.3.1, < 2.0.0)

GEM
  remote: https://rubygems.org/
  specs:
    daemons (1.2.6)
    em-websocket (0.5.1)
      eventmachine (>= 0.12.9)
      http_parser.rb (~> 0.6.0)
    eventmachine (1.2.7)
    http_parser.rb (0.6.0)
    mustermann (1.0.3)
    rack (2.0.7)
    rack-protection (2.0.5)
      rack
    sinatra (2.0.5)
      mustermann (~> 1.0)
      rack (~> 2.0)
      rack-protection (= 2.0.5)
      tilt (~> 2.0)
    thin (1.7.2)
      daemons (~> 1.0, >= 1.0.9)
      eventmachine (~> 1.0, >= 1.0.4)
      rack (>= 1, < 3)
    tilt (2.0.9)

PLATFORMS
  ruby

DEPENDENCIES
  sinatra
  sinatra-websocket!

BUNDLED WITH
   1.16.2
